GIT
  remote: git://github.com/rstacruz/sinatra-assetpack.git
  revision: ab2a413026099492807bd19affd60bd3d3bc1cca
  specs:
    sinatra-assetpack (0.0.10)
      jsmin
      rack-test
      sinatra
      tilt (>= 1.3.0)

GEM
  remote: http://rubygems.org/
  specs:
    activemodel (3.1.3)
      activesupport (= 3.1.3)
      builder (~> 3.0.0)
      i18n (~> 0.6)
    activerecord (3.1.3)
      activemodel (= 3.1.3)
      activesupport (= 3.1.3)
      arel (~> 2.2.1)
      tzinfo (~> 0.3.29)
    activesupport (3.1.3)
      multi_json (~> 1.0)
    alphadecimal (1.1.2)
    arel (2.2.1)
    brightbox (2.3.9)
      capistrano (>= 2.5)
    builder (3.0.0)
    capistrano (2.9.0)
      highline
      net-scp (>= 1.0.0)
      net-sftp (>= 2.0.0)
      net-ssh (>= 2.0.14)
      net-ssh-gateway (>= 1.1.0)
    capistrano-ext (1.2.1)
      capistrano (>= 1.0.0)
    chunky_png (1.2.5)
    compass (0.11.7)
      chunky_png (~> 1.2)
      fssm (>= 0.2.7)
      sass (~> 3.1)
    daemons (1.1.8)
    eventmachine (0.12.10)
    execjs (1.2.13)
      multi_json (~> 1.0)
    fssm (0.2.8.1)
    highline (1.6.9)
    html5-boilerplate (1.0.0)
      compass (>= 0.11.1)
    i18n (0.6.0)
    jsmin (1.0.1)
    libv8 (3.3.10.4)
    multi_json (1.0.4)
    net-scp (1.0.4)
      net-ssh (>= 1.99.1)
    net-sftp (2.0.5)
      net-ssh (>= 2.0.9)
    net-ssh (2.2.2)
    net-ssh-gateway (1.1.0)
      net-ssh (>= 1.99.1)
    rack (1.4.0)
    rack-protection (1.2.0)
      rack
    rack-test (0.6.1)
      rack (>= 1.0)
    rack_csrf (2.3.0)
      rack (>= 0.9)
    rake (0.9.2.2)
    sass (3.1.12)
    sinatra (1.3.2)
      rack (~> 1.3, >= 1.3.6)
      rack-protection (~> 1.2)
      tilt (~> 1.3, >= 1.3.3)
    sinatra-activerecord (0.1.3)
      sinatra (>= 0.9.4)
    sinatra-backbone (0.1.0.rc2)
      sinatra
    sinatra-support (1.2.2)
      sinatra (>= 1.0)
    sqlite3 (1.3.5)
    therubyracer (0.9.9)
      libv8 (~> 3.3.10)
    thin (1.3.1)
      daemons (>= 1.0.9)
      eventmachine (>= 0.12.6)
      rack (>= 1.0.0)
    tilt (1.3.3)
    tzinfo (0.3.31)
    uglifier (1.2.1)
      execjs (>= 0.3.0)
      multi_json (>= 1.0.2)

PLATFORMS
  ruby

DEPENDENCIES
  activerecord
  alphadecimal
  brightbox
  capistrano
  capistrano-ext
  compass
  execjs
  html5-boilerplate
  rack_csrf
  rake
  sass
  sinatra-activerecord
  sinatra-assetpack!
  sinatra-backbone
  sinatra-support
  sqlite3
  therubyracer
  thin
  uglifier
